GEM
  remote: https://rubygems.org/
  specs:
    coreaudio (0.0.10)
      narray (~> 0.6.0.0)
    narray (0.6.0.9)

PLATFORMS
  ruby

DEPENDENCIES
  coreaudio
